GEM
  remote: https://rubygems.org/
  specs:
    byebug (11.1.3)
    coderay (1.1.3)
    dotenv (2.8.1)
    method_source (1.1.0)
    numo-narray (0.9.2.1)
    ostruct (0.6.1)
    pry (0.14.2)
      coderay (~> 1.1)
      method_source (~> 1.0)
    pry-byebug (3.10.1)
      byebug (~> 11.0)
      pry (>= 0.13, < 0.15)
    terminal-table (4.0.0)
      unicode-display_width (>= 1.1.1, < 4)
    thor (1.3.2)
    unicode-display_width (3.1.4)
      unicode-emoji (~> 4.0, >= 4.0.4)
    unicode-emoji (4.0.4)

PLATFORMS
  arm64-darwin-24
  ruby

DEPENDENCIES
  dotenv (~> 2.8)
  numo-narray
  ostruct
  pry
  pry-byebug
  terminal-table
  thor

BUNDLED WITH
   2.6.2
